GEM
  remote: http://rubygems.org/
  specs:
    addressable (2.2.6)
    data_objects (0.10.7)
      addressable (~> 2.1)
    dm-core (1.2.0)
      addressable (~> 2.2.6)
    dm-do-adapter (1.2.0)
      data_objects (~> 0.10.6)
      dm-core (~> 1.2.0)
    dm-mysql-adapter (1.2.0)
      dm-do-adapter (~> 1.2.0)
      do_mysql (~> 0.10.6)
    dm-timestamps (1.2.0)
      dm-core (~> 1.2.0)
    dm-validations (1.2.0)
      dm-core (~> 1.2.0)
    do_mysql (0.10.7)
      data_objects (= 0.10.7)
    jsonify (0.2.0)

PLATFORMS
  ruby

DEPENDENCIES
  dm-core
  dm-mysql-adapter
  dm-timestamps
  dm-validations
  jsonify
